GEM
  remote: http://rubygems.org/
  specs:
    builder (3.1.4)
    crack (0.3.2)
    haml (3.1.4)
    happymapper (0.4.0)
      libxml-ruby (~> 2.0)
    libxml-ruby (2.5.0)
    mime-types (1.20.1)
    nokogiri (1.5.6)
    nokogiri-happymapper (0.5.6)
      nokogiri (~> 1.5)
    pivotal-tracker (0.5.10)
      builder
      crack
      happymapper (>= 0.3.2)
      nokogiri (>= 1.4.3)
      nokogiri (>= 1.5.5)
      nokogiri-happymapper (>= 0.5.4)
      rest-client (~> 1.6.0)
    rack (1.5.2)
    rack-protection (1.3.2)
      rack
    rest-client (1.6.7)
      mime-types (>= 1.16)
    sinatra (1.3.2)
      rack (~> 1.3, >= 1.3.6)
      rack-protection (~> 1.2)
      tilt (~> 1.3, >= 1.3.3)
    tilt (1.3.3)

PLATFORMS
  ruby

DEPENDENCIES
  haml (= 3.1.4)
  pivotal-tracker
  sinatra (= 1.3.2)
